GEM
  remote: http://rubygems.org/
  specs:
    cobravsmongoose (0.0.2)
    compass (0.10.6)
      haml (>= 3.0.4)
    haml (3.0.25)
    json (1.5.1)
    rack (1.2.1)
    sinatra (1.1.2)
      rack (~> 1.1)
      tilt (~> 1.2)
    tilt (1.2.2)

PLATFORMS
  ruby

DEPENDENCIES
  cobravsmongoose
  compass
  haml
  json
  sinatra
